GEM
  remote: https://rubygems.org/
  specs:
    ast (2.4.0)
    cinch (2.3.1)
    diff-lcs (1.2.5)
    gist (4.5.0)
    parser (2.7.0.3)
      ast (~> 2.4.0)
    powerpack (0.1.2)
    rainbow (2.2.2)
      rake
    rake (12.3.3)
    rspec (3.4.0)
      rspec-core (~> 3.4.0)
      rspec-expectations (~> 3.4.0)
      rspec-mocks (~> 3.4.0)
    rspec-core (3.4.4)
      rspec-support (~> 3.4.0)
    rspec-expectations (3.4.0)
      diff-lcs (>= 1.2.0, < 2.0)
      rspec-support (~> 3.4.0)
    rspec-mocks (3.4.1)
      diff-lcs (>= 1.2.0, < 2.0)
      rspec-support (~> 3.4.0)
    rspec-support (3.4.1)
    rubocop (0.48.1)
      parser (>= 2.3.3.1, < 3.0)
      powerpack (~> 0.1)
      rainbow (>= 1.99.1, < 3.0)
      ruby-progressbar (~> 1.7)
      unicode-display_width (~> 1.0, >= 1.0.1)
    ruby-progressbar (1.10.1)
    unicode-display_width (1.6.1)

PLATFORMS
  ruby
  x64-mingw32

DEPENDENCIES
  cinch
  gist
  rake
  rspec
  rubocop

BUNDLED WITH
   1.11.2
